GEM
  remote: http://rubygems.org/
  specs:
    activemodel (3.1.3)
      activesupport (= 3.1.3)
      builder (~> 3.0.0)
      i18n (~> 0.6)
    activerecord (3.1.3)
      activemodel (= 3.1.3)
      activesupport (= 3.1.3)
      arel (~> 2.2.1)
      tzinfo (~> 0.3.29)
    activesupport (3.1.3)
      multi_json (~> 1.0)
    ar-extensions (0.9.2)
      activerecord (>= 2.1.2)
    arel (2.2.1)
    builder (3.0.0)
    daemons (1.1.5)
    eventmachine (0.12.10)
    i18n (0.6.0)
    multi_json (1.0.4)
    rack (1.4.0)
    sinatra (1.1.0)
      rack (~> 1.1)
      tilt (~> 1.1)
    sqlite3 (1.3.5)
    thin (1.2.7)
      daemons (>= 1.0.9)
      eventmachine (>= 0.12.6)
      rack (>= 1.0.0)
    tilt (1.3.3)
    tzinfo (0.3.31)

PLATFORMS
  ruby

DEPENDENCIES
  activerecord (~> 3.1)
  ar-extensions
  sinatra (= 1.1.0)
  sqlite3
  thin (= 1.2.7)
